GEM
  remote: https://rubygems.org/
  specs:
    avro (1.11.0)
      multi_json (~> 1.0)
    avro-builder (1.1.0)
      avro (>= 1.9.0, < 1.12)
    avro_turf (1.5.0)
      avro (>= 1.7.7, < 1.12)
      excon (~> 0.71)
    byebug (11.1.3)
    dotenv (2.7.6)
    excon (0.92.3)
    multi_json (1.15.0)

PLATFORMS
  x86_64-darwin-20

DEPENDENCIES
  avro-builder
  avro_turf
  byebug
  dotenv

BUNDLED WITH
   2.3.4
